PATH
  remote: .
  specs:
    zendesk_apps_tools (0.0.1)
      faraday (~> 0.8.0)
      json
      rubyzip (~> 0.9.1)
      thor (~> 0.15.2)

GEM
  remote: https://rubygems.org/
  specs:
    aruba (0.5.0)
      childprocess (= 0.2.3)
      cucumber (>= 1.1.1)
      ffi (>= 1.0.11)
      rspec-expectations (>= 2.7.0)
    builder (3.1.4)
    childprocess (0.2.3)
      ffi (~> 1.0.6)
    cucumber (1.2.1)
      builder (>= 2.1.2)
      diff-lcs (>= 1.1.3)
      gherkin (~> 2.11.0)
      json (>= 1.4.6)
    diff-lcs (1.1.3)
    faraday (0.8.4)
      multipart-post (~> 1.1)
    ffi (1.0.11)
    gherkin (2.11.5)
      json (>= 1.4.6)
    json (1.7.5)
    multipart-post (1.1.5)
    rspec-expectations (2.11.3)
      diff-lcs (~> 1.1.3)
    rubyzip (0.9.9)
    thor (0.15.2)

PLATFORMS
  ruby

DEPENDENCIES
  aruba
  cucumber
  zendesk_apps_tools!
