GEM
  remote: https://rubygems.org/
  specs:
    columnize (0.3.6)
    faraday (0.8.0)
      multipart-post (~> 1.1)
    json (1.7.3)
    linecache (0.46)
      rbx-require-relative (> 0.0.4)
    multipart-post (1.1.5)
    rbx-require-relative (0.0.9)
    ruby-debug (0.10.4)
      columnize (>= 0.1)
      ruby-debug-base (~> 0.10.4.0)
    ruby-debug-base (0.10.4)
      linecache (>= 0.3)
    rubyzip (0.9.8)
    system_timer (1.2.4)
    thor (0.15.2)

PLATFORMS
  ruby

DEPENDENCIES
  faraday (~> 0.8.0)
  json
  ruby-debug
  rubyzip (~> 0.9.1)
  system_timer
  thor (~> 0.15.2)
