GIT
  remote: https://github.com/zendesk/zendesk_apps_support.git
  revision: 927874c488f15910f9800190b7cb692a00a80808
  specs:
    zendesk_apps_support (1.20.0)
      erubis
      i18n
      image_size
      jshintrb (~> 0.3.0)
      json
      json-stream
      sass

PATH
  remote: .
  specs:
    zendesk_apps_tools (1.25.0)
      faraday (~> 0.8.10)
      rubyzip (~> 0.9.1)
      sinatra (~> 1.3.4)
      thor (~> 0.18.1)
      zendesk_apps_support (~> 1.20.0)

GEM
  remote: https://rubygems.org/
  specs:
    addressable (2.3.6)
    aruba (0.6.2)
      childprocess (>= 0.3.6)
      cucumber (>= 1.1.1)
      rspec-expectations (>= 2.7.0)
    builder (3.2.2)
    bump (0.5.1)
    childprocess (0.5.5)
      ffi (~> 1.0, >= 1.0.11)
    crack (0.4.2)
      safe_yaml (~> 1.0.0)
    cucumber (1.3.18)
      builder (>= 2.1.2)
      diff-lcs (>= 1.1.3)
      gherkin (~> 2.12)
      multi_json (>= 1.7.5, < 2.0)
      multi_test (>= 0.1.1)
    diff-lcs (1.2.5)
    erubis (2.7.0)
    execjs (2.6.0)
    faraday (0.8.11)
      multipart-post (~> 1.2.0)
    ffi (1.9.6)
    gherkin (2.12.2)
      multi_json (~> 1.3)
    i18n (0.7.0)
    image_size (1.4.1)
    jshintrb (0.3.0)
      execjs
      multi_json (>= 1.3)
      rake
    json (1.8.3)
    json-stream (0.2.1)
    multi_json (1.11.2)
    multi_test (0.1.1)
    multipart-post (1.2.0)
    rack (1.6.4)
    rack-protection (1.5.3)
      rack
    rake (10.4.2)
    rspec (3.1.0)
      rspec-core (~> 3.1.0)
      rspec-expectations (~> 3.1.0)
      rspec-mocks (~> 3.1.0)
    rspec-core (3.1.7)
      rspec-support (~> 3.1.0)
    rspec-expectations (3.1.2)
      diff-lcs (>= 1.2.0, < 2.0)
      rspec-support (~> 3.1.0)
    rspec-mocks (3.1.3)
      rspec-support (~> 3.1.0)
    rspec-support (3.1.2)
    rubyzip (0.9.9)
    safe_yaml (1.0.4)
    sass (3.4.19)
    sinatra (1.3.6)
      rack (~> 1.4)
      rack-protection (~> 1.3)
      tilt (~> 1.3, >= 1.3.3)
    thor (0.18.1)
    tilt (1.4.1)
    webmock (1.20.4)
      addressable (>= 2.3.6)
      crack (>= 0.3.2)

PLATFORMS
  ruby

DEPENDENCIES
  aruba
  bump
  cucumber
  rspec
  webmock
  zendesk_apps_support!
  zendesk_apps_tools!

BUNDLED WITH
   1.10.6
