GIT
  remote: https://github.com/zendesk/zendesk_apps_support.git
  revision: f4bbd755394d9e39564f58761d2e14f71c64e55e
  ref: v1.11.0
  specs:
    zendesk_apps_support (1.11.0)
      erubis
      i18n
      jshintrb (= 0.2.4)
      json
      multi_json
      sass

PATH
  remote: .
  specs:
    zendesk_apps_tools (1.12.0)
      faraday (~> 0.8.7)
      rubyzip (~> 0.9.1)
      sinatra (~> 1.3.4)
      thor (~> 0.18.0)
      zendesk_apps_support (~> 1.11.0)

GEM
  remote: https://rubygems.org/
  specs:
    addressable (2.3.5)
    aruba (0.5.1)
      childprocess (~> 0.3.6)
      cucumber (>= 1.1.1)
      rspec-expectations (>= 2.7.0)
    builder (3.2.2)
    bump (0.4.2)
    childprocess (0.3.8)
      ffi (~> 1.0, >= 1.0.11)
    crack (0.4.1)
      safe_yaml (~> 0.9.0)
    cucumber (1.3.3)
      builder (>= 2.1.2)
      diff-lcs (>= 1.1.3)
      gherkin (~> 2.12.0)
      multi_json (~> 1.7.5)
      multi_test (~> 0.0.1)
    diff-lcs (1.1.3)
    erubis (2.7.0)
    execjs (2.0.2)
    faraday (0.8.9)
      multipart-post (~> 1.2.0)
    ffi (1.3.1)
    gherkin (2.12.0)
      multi_json (~> 1.3)
    i18n (0.6.9)
    jshintrb (0.2.4)
      execjs
      multi_json (>= 1.3)
      rake
    json (1.8.1)
    multi_json (1.7.9)
    multi_test (0.0.1)
    multipart-post (1.2.0)
    rack (1.5.2)
    rack-protection (1.5.1)
      rack
    rake (10.1.1)
    rspec (2.12.0)
      rspec-core (~> 2.12.0)
      rspec-expectations (~> 2.12.0)
      rspec-mocks (~> 2.12.0)
    rspec-core (2.12.2)
    rspec-expectations (2.12.1)
      diff-lcs (~> 1.1.3)
    rspec-mocks (2.12.2)
    rubyzip (0.9.9)
    safe_yaml (0.9.7)
    sass (3.2.13)
    sinatra (1.3.6)
      rack (~> 1.4)
      rack-protection (~> 1.3)
      tilt (~> 1.3, >= 1.3.3)
    thor (0.18.1)
    tilt (1.4.1)
    webmock (1.11.0)
      addressable (>= 2.2.7)
      crack (>= 0.3.2)

PLATFORMS
  ruby

DEPENDENCIES
  aruba
  bump
  cucumber
  rspec
  webmock
  zendesk_apps_support!
  zendesk_apps_tools!
