GIT
  remote: git@github.com:zendesk/zendesk_apps_support.git
  revision: 2d74ff9da7766c564e0b6bf6e588398ae8aa3df9
  ref: v0.3.1
  specs:
    zendesk_apps_support (0.3.1)
      erubis
      i18n
      jshintrb (= 0.1.6)
      json
      multi_json
      sass

PATH
  remote: .
  specs:
    zendesk_apps_tools (0.0.1)
      rubyzip (~> 0.9.1)
      sinatra
      thor (~> 0.15.2)
      zendesk_apps_support (~> 0.3.1)

GEM
  remote: https://rubygems.org/
  specs:
    aruba (0.5.1)
      childprocess (~> 0.3.6)
      cucumber (>= 1.1.1)
      rspec-expectations (>= 2.7.0)
    builder (3.1.4)
    childprocess (0.3.6)
      ffi (~> 1.0, >= 1.0.6)
    cucumber (1.2.1)
      builder (>= 2.1.2)
      diff-lcs (>= 1.1.3)
      gherkin (~> 2.11.0)
      json (>= 1.4.6)
    diff-lcs (1.1.3)
    erubis (2.7.0)
    execjs (1.4.0)
      multi_json (~> 1.0)
    ffi (1.2.0)
    gherkin (2.11.5)
      json (>= 1.4.6)
    i18n (0.6.1)
    jshintrb (0.1.6)
      execjs
      multi_json (>= 1.3)
      rake
    json (1.7.5)
    multi_json (1.5.0)
    rack (1.4.3)
    rack-protection (1.3.2)
      rack
    rake (10.0.3)
    rspec-expectations (2.12.0)
      diff-lcs (~> 1.1.3)
    rubyzip (0.9.9)
    sass (3.2.5)
    sinatra (1.3.3)
      rack (~> 1.3, >= 1.3.6)
      rack-protection (~> 1.2)
      tilt (~> 1.3, >= 1.3.3)
    thor (0.15.4)
    tilt (1.3.3)

PLATFORMS
  ruby

DEPENDENCIES
  aruba
  cucumber
  zendesk_apps_support!
  zendesk_apps_tools!
