PATH
  remote: .
  specs:
    zendesk_apps_tools (0.0.1)
      faraday (~> 0.8.0)
      json
      rubyzip (~> 0.9.1)
      thor (~> 0.15.2)

GEM
  remote: https://rubygems.org/
  specs:
    faraday (0.8.4)
      multipart-post (~> 1.1)
    json (1.7.5)
    multipart-post (1.1.5)
    rubyzip (0.9.9)
    thor (0.15.2)

PLATFORMS
  ruby

DEPENDENCIES
  zendesk_apps_tools!
