GIT
  remote: git@github.com:zendesk/zendesk_apps_support.git
  revision: bed340f5100626f6378988bd940c8ec83992343c
  ref: v1.1.4
  specs:
    zendesk_apps_support (1.1.4)
      erubis
      i18n
      jshintrb (= 0.1.6)
      json (~> 1.7.7)
      multi_json
      sass

PATH
  remote: .
  specs:
    zendesk_apps_tools (1.1.1)
      rubyzip (~> 0.9.1)
      sinatra (~> 1.3.4)
      thor (~> 0.18.0)
      zendesk_apps_support (~> 1.1.4)

GEM
  remote: https://rubygems.org/
  specs:
    aruba (0.5.1)
      childprocess (~> 0.3.6)
      cucumber (>= 1.1.1)
      rspec-expectations (>= 2.7.0)
    builder (3.1.4)
    childprocess (0.3.8)
      ffi (~> 1.0, >= 1.0.11)
    cucumber (1.2.1)
      builder (>= 2.1.2)
      diff-lcs (>= 1.1.3)
      gherkin (~> 2.11.0)
      json (>= 1.4.6)
    diff-lcs (1.1.3)
    erubis (2.7.0)
    execjs (1.4.0)
      multi_json (~> 1.0)
    ffi (1.3.1)
    gherkin (2.11.6)
      json (>= 1.7.6)
    i18n (0.6.4)
    jshintrb (0.1.6)
      execjs
      multi_json (>= 1.3)
      rake
    json (1.7.7)
    multi_json (1.7.3)
    rack (1.5.2)
    rack-protection (1.5.0)
      rack
    rake (10.0.4)
    rspec (2.12.0)
      rspec-core (~> 2.12.0)
      rspec-expectations (~> 2.12.0)
      rspec-mocks (~> 2.12.0)
    rspec-core (2.12.2)
    rspec-expectations (2.12.1)
      diff-lcs (~> 1.1.3)
    rspec-mocks (2.12.2)
    rubyzip (0.9.9)
    sass (3.2.9)
    sinatra (1.3.6)
      rack (~> 1.4)
      rack-protection (~> 1.3)
      tilt (~> 1.3, >= 1.3.3)
    thor (0.18.1)
    tilt (1.4.1)

PLATFORMS
  ruby

DEPENDENCIES
  aruba
  cucumber
  rspec
  zendesk_apps_support!
  zendesk_apps_tools!
