GEM
  remote: https://rubygems.org/
  specs:
    faraday (0.8.0)
      multipart-post (~> 1.1)
    multipart-post (1.1.5)
    thor (0.15.2)

PLATFORMS
  ruby

DEPENDENCIES
  faraday (~> 0.8.0)
  thor (~> 0.15.2)
