PATH
  remote: .
  specs:
    zendesk_apps_tools (1.34.1)
      faraday (~> 0.9.2)
      rubyzip (~> 0.9.1)
      sinatra (~> 1.4.6)
      sinatra-cross_origin (~> 0.3.1)
      thor (~> 0.19.1)
      zendesk_apps_support (~> 3.1.0)

GEM
  remote: https://rubygems.org/
  specs:
    addressable (2.4.0)
    aruba (0.8.1)
      childprocess (~> 0.5.6)
      contracts (~> 0.9)
      cucumber (>= 1.3.19)
      rspec-expectations (>= 2.99)
    builder (3.2.2)
    bump (0.5.3)
    byebug (9.0.5)
    childprocess (0.5.9)
      ffi (~> 1.0, >= 1.0.11)
    contracts (0.14.0)
    crack (0.4.3)
      safe_yaml (~> 1.0.0)
    cucumber (2.4.0)
      builder (>= 2.1.2)
      cucumber-core (~> 1.5.0)
      cucumber-wire (~> 0.0.1)
      diff-lcs (>= 1.1.3)
      gherkin (~> 4.0)
      multi_json (>= 1.7.5, < 2.0)
      multi_test (>= 0.1.2)
    cucumber-core (1.5.0)
      gherkin (~> 4.0)
    cucumber-wire (0.0.1)
    diff-lcs (1.2.5)
    erubis (2.7.0)
    execjs (2.7.0)
    faraday (0.9.2)
      multipart-post (>= 1.2, < 3)
    ffi (1.9.14)
    gherkin (4.0.0)
    hashdiff (0.3.0)
    i18n (0.7.0)
    image_size (1.4.2)
    jshintrb (0.3.0)
      execjs
      multi_json (>= 1.3)
      rake
    json (2.0.2)
    json-stream (0.2.1)
    multi_json (1.12.1)
    multi_test (0.1.2)
    multipart-post (2.0.0)
    rack (1.6.4)
    rack-protection (1.5.3)
      rack
    rake (11.2.2)
    rspec (3.5.0)
      rspec-core (~> 3.5.0)
      rspec-expectations (~> 3.5.0)
      rspec-mocks (~> 3.5.0)
    rspec-core (3.5.2)
      rspec-support (~> 3.5.0)
    rspec-expectations (3.5.0)
      diff-lcs (>= 1.2.0, < 2.0)
      rspec-support (~> 3.5.0)
    rspec-mocks (3.5.0)
      diff-lcs (>= 1.2.0, < 2.0)
      rspec-support (~> 3.5.0)
    rspec-support (3.5.0)
    rubyzip (0.9.9)
    safe_yaml (1.0.4)
    sass (3.4.22)
    sinatra (1.4.7)
      rack (~> 1.5)
      rack-protection (~> 1.4)
      tilt (>= 1.3, < 3)
    sinatra-cross_origin (0.3.2)
    thor (0.19.1)
    tilt (2.0.5)
    webmock (2.1.0)
      addressable (>= 2.3.6)
      crack (>= 0.3.2)
      hashdiff
    zendesk_apps_support (3.1.0)
      erubis
      i18n
      image_size
      jshintrb (~> 0.3.0)
      json
      json-stream
      sass

PLATFORMS
  ruby

DEPENDENCIES
  aruba
  bump
  byebug
  cucumber
  rspec
  webmock
  zendesk_apps_tools!

BUNDLED WITH
   1.12.5
