GIT
  remote: git@github.com:zendesk/zendesk_apps_support.git
  revision: f54d46e02f7a68b11c06e2eb697ab886dbf41777
  ref: v0.3.3
  specs:
    zendesk_apps_support (0.3.3)
      erubis
      i18n
      jshintrb (= 0.1.6)
      json (~> 1.7.7)
      multi_json
      sass

PATH
  remote: .
  specs:
    zendesk_apps_tools (0.0.3)
      rubyzip (~> 0.9.1)
      sinatra (~> 1.3.4)
      thor (~> 0.15.2)
      zendesk_apps_support (~> 0.3.3)

GEM
  remote: https://rubygems.org/
  specs:
    aruba (0.5.1)
      childprocess (~> 0.3.6)
      cucumber (>= 1.1.1)
      rspec-expectations (>= 2.7.0)
    builder (3.1.4)
    childprocess (0.3.8)
      ffi (~> 1.0, >= 1.0.11)
    cucumber (1.2.1)
      builder (>= 2.1.2)
      diff-lcs (>= 1.1.3)
      gherkin (~> 2.11.0)
      json (>= 1.4.6)
    diff-lcs (1.1.3)
    erubis (2.7.0)
    execjs (1.4.0)
      multi_json (~> 1.0)
    ffi (1.3.1)
    gherkin (2.11.6)
      json (>= 1.7.6)
    i18n (0.6.1)
    jshintrb (0.1.6)
      execjs
      multi_json (>= 1.3)
      rake
    json (1.7.7)
    multi_json (1.6.1)
    rack (1.5.2)
    rack-protection (1.3.2)
      rack
    rake (10.0.3)
    rspec-expectations (2.12.1)
      diff-lcs (~> 1.1.3)
    rubyzip (0.9.9)
    sass (3.2.5)
    sinatra (1.3.4)
      rack (~> 1.4)
      rack-protection (~> 1.3)
      tilt (~> 1.3, >= 1.3.3)
    thor (0.15.4)
    tilt (1.3.3)

PLATFORMS
  ruby

DEPENDENCIES
  aruba
  cucumber
  zendesk_apps_support!
  zendesk_apps_tools!
